PATH
  remote: .
  specs:
    feedx (0.12.3)
      bfs (>= 0.8.0)

GEM
  remote: https://rubygems.org/
  specs:
    ast (2.4.1)
    bfs (0.8.0)
    diff-lcs (1.4.4)
    extpp (0.0.9)
    gio2 (3.4.3)
      gobject-introspection (= 3.4.3)
    glib2 (3.4.3)
      native-package-installer (>= 1.0.3)
      pkg-config (>= 1.3.5)
    gobject-introspection (3.4.3)
      glib2 (= 3.4.3)
    google-protobuf (3.14.0)
    native-package-installer (1.0.9)
    parallel (1.20.1)
    parser (2.7.2.0)
      ast (~> 2.4.1)
    pbio (0.2.2)
      google-protobuf
    pkg-config (1.4.4)
    rainbow (3.0.0)
    rake (13.0.1)
    red-arrow (2.0.0)
      extpp (>= 0.0.7)
      gio2 (>= 3.3.6)
      native-package-installer
      pkg-config
    red-parquet (2.0.0)
      red-arrow (= 2.0.0)
    regexp_parser (2.0.0)
    rexml (3.2.4)
    rspec (3.10.0)
      rspec-core (~> 3.10.0)
      rspec-expectations (~> 3.10.0)
      rspec-mocks (~> 3.10.0)
    rspec-core (3.10.0)
      rspec-support (~> 3.10.0)
    rspec-expectations (3.10.0)
      diff-lcs (>= 1.2.0, < 2.0)
      rspec-support (~> 3.10.0)
    rspec-mocks (3.10.0)
      diff-lcs (>= 1.2.0, < 2.0)
      rspec-support (~> 3.10.0)
    rspec-support (3.10.0)
    rubocop (1.4.2)
      parallel (~> 1.10)
      parser (>= 2.7.1.5)
      rainbow (>= 2.2.2, < 4.0)
      regexp_parser (>= 1.8)
      rexml
      rubocop-ast (>= 1.1.1)
      ruby-progressbar (~> 1.7)
      unicode-display_width (>= 1.4.0, < 2.0)
    rubocop-ast (1.3.0)
      parser (>= 2.7.1.5)
    rubocop-performance (1.9.1)
      rubocop (>= 0.90.0, < 2.0)
      rubocop-ast (>= 0.4.0)
    ruby-progressbar (1.10.1)
    unicode-display_width (1.7.0)

PLATFORMS
  ruby

DEPENDENCIES
  bundler
  feedx!
  pbio
  rake
  red-parquet (>= 1.0.0)
  rspec
  rubocop
  rubocop-performance

BUNDLED WITH
   2.1.4
