PATH
  remote: .
  specs:
    feedx (0.12.1)
      bfs (>= 0.5.0)

GEM
  remote: https://rubygems.org/
  specs:
    ast (2.4.1)
    bfs (0.7.1)
    diff-lcs (1.4.4)
    extpp (0.0.8)
    gio2 (3.4.3)
      gobject-introspection (= 3.4.3)
    glib2 (3.4.3)
      native-package-installer (>= 1.0.3)
      pkg-config (>= 1.3.5)
    gobject-introspection (3.4.3)
      glib2 (= 3.4.3)
    google-protobuf (3.12.2)
    native-package-installer (1.0.9)
    parallel (1.19.2)
    parser (2.7.1.4)
      ast (~> 2.4.1)
    pbio (0.2.1)
      google-protobuf
    pkg-config (1.4.1)
    rainbow (3.0.0)
    rake (13.0.1)
    red-arrow (0.17.1)
      extpp (>= 0.0.7)
      gio2 (>= 3.3.6)
      native-package-installer
      pkg-config
    red-parquet (0.17.1)
      red-arrow (= 0.17.1)
    regexp_parser (1.7.1)
    rexml (3.2.4)
    rspec (3.9.0)
      rspec-core (~> 3.9.0)
      rspec-expectations (~> 3.9.0)
      rspec-mocks (~> 3.9.0)
    rspec-core (3.9.2)
      rspec-support (~> 3.9.3)
    rspec-expectations (3.9.2)
      diff-lcs (>= 1.2.0, < 2.0)
      rspec-support (~> 3.9.0)
    rspec-mocks (3.9.1)
      diff-lcs (>= 1.2.0, < 2.0)
      rspec-support (~> 3.9.0)
    rspec-support (3.9.3)
    rubocop (0.86.0)
      parallel (~> 1.10)
      parser (>= 2.7.0.1)
      rainbow (>= 2.2.2, < 4.0)
      regexp_parser (>= 1.7)
      rexml
      rubocop-ast (>= 0.0.3, < 1.0)
      ruby-progressbar (~> 1.7)
      unicode-display_width (>= 1.4.0, < 2.0)
    rubocop-ast (0.1.0)
      parser (>= 2.7.0.1)
    rubocop-performance (1.6.1)
      rubocop (>= 0.71.0)
    ruby-progressbar (1.10.1)
    unicode-display_width (1.7.0)

PLATFORMS
  ruby

DEPENDENCIES
  bundler
  feedx!
  google-protobuf (>= 3.7.0.pre.rc2)
  pbio
  rake
  red-parquet
  rspec
  rubocop
  rubocop-performance

BUNDLED WITH
   2.1.4
