PATH
  remote: .
  specs:
    feedx (0.12.8)
      bfs (>= 0.8.0)

GEM
  remote: https://rubygems.org/
  specs:
    ast (2.4.2)
    bfs (0.9.1)
    bigdecimal (3.1.2)
    diff-lcs (1.5.0)
    extpp (0.1.0)
    fiddle (1.1.0)
    gio2 (4.0.3)
      fiddle
      gobject-introspection (= 4.0.3)
    glib2 (4.0.3)
      native-package-installer (>= 1.0.3)
      pkg-config (>= 1.3.5)
    gobject-introspection (4.0.3)
      glib2 (= 4.0.3)
    google-protobuf (3.21.7)
    json (2.6.2)
    native-package-installer (1.1.5)
    parallel (1.22.1)
    parser (3.1.2.1)
      ast (~> 2.4.1)
    pbio (0.3.1)
      google-protobuf
    pkg-config (1.4.9)
    rainbow (3.1.1)
    rake (13.0.6)
    red-arrow (9.0.0)
      bigdecimal (>= 3.1.0)
      extpp (>= 0.0.7)
      gio2 (>= 3.5.0)
      native-package-installer
      pkg-config
    red-parquet (9.0.0)
      red-arrow (= 9.0.0)
    regexp_parser (2.6.0)
    rexml (3.2.5)
    rspec (3.11.0)
      rspec-core (~> 3.11.0)
      rspec-expectations (~> 3.11.0)
      rspec-mocks (~> 3.11.0)
    rspec-core (3.11.0)
      rspec-support (~> 3.11.0)
    rspec-expectations (3.11.1)
      diff-lcs (>= 1.2.0, < 2.0)
      rspec-support (~> 3.11.0)
    rspec-mocks (3.11.1)
      diff-lcs (>= 1.2.0, < 2.0)
      rspec-support (~> 3.11.0)
    rspec-support (3.11.1)
    rubocop (1.36.0)
      json (~> 2.3)
      parallel (~> 1.10)
      parser (>= 3.1.2.1)
      rainbow (>= 2.2.2, < 4.0)
      regexp_parser (>= 1.8, < 3.0)
      rexml (>= 3.2.5, < 4.0)
      rubocop-ast (>= 1.20.1, < 2.0)
      ruby-progressbar (~> 1.7)
      unicode-display_width (>= 1.4.0, < 3.0)
    rubocop-ast (1.21.0)
      parser (>= 3.1.1.0)
    rubocop-bsm (0.6.0)
      rubocop (~> 1.0)
      rubocop-performance
      rubocop-rake
      rubocop-rspec
    rubocop-performance (1.15.0)
      rubocop (>= 1.7.0, < 2.0)
      rubocop-ast (>= 0.4.0)
    rubocop-rake (0.6.0)
      rubocop (~> 1.0)
    rubocop-rspec (2.13.2)
      rubocop (~> 1.33)
    ruby-progressbar (1.11.0)
    unicode-display_width (2.3.0)

PLATFORMS
  ruby

DEPENDENCIES
  bundler
  feedx!
  pbio
  rake
  red-parquet (>= 9.0, < 10.0)
  rspec
  rubocop-bsm

BUNDLED WITH
   2.3.16
